PATH
  remote: .
  specs:
    ruby_utils (0.1.1)

GEM
  remote: https://rubygems.org/
  specs:
    csv (3.1.9)
    diff-lcs (1.4.4)
    docile (1.3.5)
    json (2.5.1)
    rake (13.0.3)
    rspec (3.10.0)
      rspec-core (~> 3.10.0)
      rspec-expectations (~> 3.10.0)
      rspec-mocks (~> 3.10.0)
    rspec-core (3.10.1)
      rspec-support (~> 3.10.0)
    rspec-expectations (3.10.1)
      diff-lcs (>= 1.2.0, < 2.0)
      rspec-support (~> 3.10.0)
    rspec-mocks (3.10.2)
      diff-lcs (>= 1.2.0, < 2.0)
      rspec-support (~> 3.10.0)
    rspec-support (3.10.2)
    simplecov (0.16.1)
      docile (~> 1.1)
      json (>= 1.8, < 3)
      simplecov-html (~> 0.10.0)
    simplecov-html (0.10.2)

PLATFORMS
  ruby

DEPENDENCIES
  csv
  rake (~> 13.0, >= 13.0.1)
  rspec (~> 3.9, >= 3.9.0)
  ruby_utils!
  simplecov

BUNDLED WITH
   2.1.4
