GEM
  remote: https://rubygems.org/
  specs:
    csv (3.1.2)
    power_assert (1.1.6)
    rake (13.0.1)
    test-unit (3.3.5)
      power_assert

PLATFORMS
  ruby

DEPENDENCIES
  csv
  rake
  test-unit

BUNDLED WITH
   2.1.4
